PATH
  remote: .
  specs:
    rack-server-pages (0.0.1)
      rack

GEM
  remote: http://rubygems.org/
  specs:
    columnize (0.3.6)
    daemons (1.1.5)
    diff-lcs (1.1.3)
    eventmachine (0.12.10)
    ffi (1.0.11)
    guard (0.9.4)
      ffi (>= 0.5.0)
      thor (~> 0.14.6)
    guard-bundler (0.1.3)
      bundler (>= 1.0.0)
      guard (>= 0.2.2)
    guard-rspec (0.5.10)
      guard (>= 0.8.4)
    linecache (0.46)
      rbx-require-relative (> 0.0.4)
    multi_json (1.0.4)
    rack (1.4.0)
    rack-test (0.6.1)
      rack (>= 1.0)
    rake (0.9.2.2)
    rbx-require-relative (0.0.5)
    rdiscount (1.6.8)
    rspec (2.7.0)
      rspec-core (~> 2.7.0)
      rspec-expectations (~> 2.7.0)
      rspec-mocks (~> 2.7.0)
    rspec-core (2.7.1)
    rspec-expectations (2.7.0)
      diff-lcs (~> 1.1.2)
    rspec-mocks (2.7.0)
    ruby-debug (0.10.4)
      columnize (>= 0.1)
      ruby-debug-base (~> 0.10.4.0)
    ruby-debug-base (0.10.4)
      linecache (>= 0.3)
    simplecov (0.5.4)
      multi_json (~> 1.0.3)
      simplecov-html (~> 0.5.3)
    simplecov-html (0.5.3)
    slim (1.0.4)
      temple (~> 0.3.4)
      tilt (~> 1.3.2)
    tapp (1.3.0)
      thor
    temple (0.3.4)
    thin (1.3.1)
      daemons (>= 1.0.9)
      eventmachine (>= 0.12.6)
      rack (>= 1.0.0)
    thor (0.14.6)
    tilt (1.3.3)

PLATFORMS
  ruby

DEPENDENCIES
  guard
  guard-bundler
  guard-rspec
  rack-server-pages!
  rack-test
  rake
  rdiscount
  rspec
  ruby-debug
  simplecov
  slim
  tapp
  thin
